GEM
  remote: https://rubygems.org/
  specs:
    celluloid (0.17.3)
      celluloid-essentials
      celluloid-extras
      celluloid-fsm
      celluloid-pool
      celluloid-supervision
      timers (>= 4.1.1)
    celluloid-essentials (0.20.5)
      timers (>= 4.1.1)
    celluloid-extras (0.20.5)
      timers (>= 4.1.1)
    celluloid-fsm (0.20.5)
      timers (>= 4.1.1)
    celluloid-pool (0.20.5)
      timers (>= 4.1.1)
    celluloid-supervision (0.20.6)
      timers (>= 4.1.1)
    coderay (1.1.1)
    coolline (0.5.0)
      unicode_utils (~> 1.4)
    decisiontree (0.5.0)
    diff-lcs (1.2.5)
    ffi (1.9.14-java)
    ffi-compiler (1.0.1)
      ffi (>= 1.0.0)
      rake
    hitimes (1.2.4-java)
    hotwater (0.1.2)
      ffi
      ffi-compiler
      rake
    method_source (0.8.2)
    pry (0.10.4-java)
      coderay (~> 1.1.0)
      method_source (~> 0.8.1)
      slop (~> 3.4)
      spoon (~> 0.0)
    pry-coolline (0.2.5)
      coolline (~> 0.5)
    rake (12.0.0)
    rspec (3.5.0)
      rspec-core (~> 3.5.0)
      rspec-expectations (~> 3.5.0)
      rspec-mocks (~> 3.5.0)
    rspec-core (3.5.3)
      rspec-support (~> 3.5.0)
    rspec-expectations (3.5.0)
      diff-lcs (>= 1.2.0, < 2.0)
      rspec-support (~> 3.5.0)
    rspec-mocks (3.5.0)
      diff-lcs (>= 1.2.0, < 2.0)
      rspec-support (~> 3.5.0)
    rspec-support (3.5.0)
    slop (3.6.0)
    spoon (0.0.4)
      ffi
    timers (4.1.2)
      hitimes
    unicode_utils (1.4.0)

PLATFORMS
  java

DEPENDENCIES
  celluloid
  decisiontree
  hotwater
  pry
  pry-coolline
  rake
  rspec

RUBY VERSION
   ruby 2.3.0p0 (jruby 9.1.2.0)

BUNDLED WITH
   1.12.5
