GEM
  remote: https://rubygems.org/
  specs:
    coderay (1.1.1)
    coolline (0.5.0)
      unicode_utils (~> 1.4)
    decisiontree (0.5.0)
    ffi (1.9.14-java)
    method_source (0.8.2)
    pry (0.10.4-java)
      coderay (~> 1.1.0)
      method_source (~> 0.8.1)
      slop (~> 3.4)
      spoon (~> 0.0)
    pry-coolline (0.2.5)
      coolline (~> 0.5)
    rake (12.0.0)
    slop (3.6.0)
    spoon (0.0.4)
      ffi
    unicode_utils (1.4.0)

PLATFORMS
  java

DEPENDENCIES
  decisiontree
  pry
  pry-coolline
  rake

RUBY VERSION
   ruby 2.3.0p0 (jruby 9.1.2.0)

BUNDLED WITH
   1.12.5
